GIT
  remote: git://github.com/jnicklas/capybara.git
  revision: 47dbcdfdf0ae5896586f0131250a64b2553115a0
  specs:
    capybara (0.4.1.1)
      celerity (>= 0.7.9)
      culerity (>= 0.2.4)
      mime-types (>= 1.16)
      nokogiri (>= 1.3.3)
      rack (>= 1.0.0)
      rack-test (>= 0.5.4)
      selenium-webdriver (>= 0.0.27)
      xpath (~> 0.1.3)

GIT
  remote: git://github.com/rymai/devise_invitable.git
  revision: 5c15b171742b4e33cbaf6be602b9f030dc37f8a5
  specs:
    devise_invitable (0.6.7)
      devise (~> 1.1.2)
      rails (~> 3.0.0)

GEM
  remote: http://rubygems.org/
  specs:
    abstract (1.0.0)
    actionmailer (3.0.5)
      actionpack (= 3.0.5)
      mail (~> 2.2.15)
    actionpack (3.0.5)
      activemodel (= 3.0.5)
      activesupport (= 3.0.5)
      builder (~> 2.1.2)
      erubis (~> 2.6.6)
      i18n (~> 0.4)
      rack (~> 1.2.1)
      rack-mount (~> 0.6.13)
      rack-test (~> 0.5.7)
      tzinfo (~> 0.3.23)
    activemodel (3.0.5)
      activesupport (= 3.0.5)
      builder (~> 2.1.2)
      i18n (~> 0.4)
    activerecord (3.0.5)
      activemodel (= 3.0.5)
      activesupport (= 3.0.5)
      arel (~> 2.0.2)
      tzinfo (~> 0.3.23)
    activeresource (3.0.5)
      activemodel (= 3.0.5)
      activesupport (= 3.0.5)
    activesupport (3.0.5)
    addressable (2.2.4)
    arel (2.0.9)
    bcrypt-ruby (2.1.4)
    bson (1.2.4)
    bson_ext (1.2.4)
    builder (2.1.2)
    capistrano (2.5.19)
      highline
      net-scp (>= 1.0.0)
      net-sftp (>= 2.0.0)
      net-ssh (>= 2.0.14)
      net-ssh-gateway (>= 1.0.0)
    celerity (0.8.8)
    childprocess (0.1.7)
      ffi (~> 0.6.3)
    configuration (1.2.0)
    culerity (0.2.15)
    daemon_controller (0.2.6)
    database_cleaner (0.6.4)
    devise (1.1.7)
      bcrypt-ruby (~> 2.1.2)
      warden (~> 1.0.2)
    diff-lcs (1.1.2)
    em-dir-watcher (0.9.4)
    em-websocket (0.2.1)
      addressable (>= 2.1.1)
      eventmachine (>= 0.12.9)
    erubis (2.6.6)
      abstract (>= 1.0.0)
    eventmachine (0.12.10)
    factory_girl (1.3.3)
    factory_girl_rails (1.0.1)
      factory_girl (~> 1.3)
      railties (>= 3.0.0)
    fastercsv (1.5.4)
    fastthread (1.0.7)
    ffaker (1.4.0)
    ffi (0.6.3)
      rake (>= 0.8.7)
    file-tail (1.0.5)
      spruz (>= 0.1.0)
    formtastic (1.2.3)
      actionpack (>= 2.3.7)
      activesupport (>= 2.3.7)
      i18n (~> 0.4)
    growl (1.0.3)
    guard (0.3.0)
      open_gem (~> 1.4.2)
      thor (~> 0.14.6)
    guard-bundler (0.1.2)
      guard (>= 0.2.2)
    guard-livereload (0.1.7)
      em-websocket (~> 0.2.0)
      guard (>= 0.2.2)
      json (~> 1.4.6)
    guard-passenger (0.3.0)
      guard (~> 0.3)
    guard-rspec (0.2.0)
      guard (>= 0.2.2)
    guard-spork (0.1.4)
      guard (>= 0.2.2)
      spork (>= 0.8.4)
    haml (3.0.24)
    highline (1.6.1)
    i18n (0.5.0)
    json (1.4.6)
    json_pure (1.5.1)
    launchy (0.3.7)
      configuration (>= 0.0.5)
      rake (>= 0.8.1)
    liquid (2.2.2)
    livereload (1.5)
      em-dir-watcher (>= 0.1)
      em-websocket (>= 0.1.2)
      ruby-json (>= 1.1.2)
    mail (2.2.15)
      activesupport (>= 2.3.6)
      i18n (>= 0.4.0)
      mime-types (~> 1.16)
      treetop (~> 1.4.8)
    mime-types (1.16)
    mongo (1.2.4)
      bson (>= 1.2.4)
    mongoid (2.0.0.rc.7)
      activemodel (~> 3.0)
      mongo (~> 1.2)
      tzinfo (~> 0.3.22)
      will_paginate (~> 3.0.pre)
    net-scp (1.0.4)
      net-ssh (>= 1.99.1)
    net-sftp (2.0.5)
      net-ssh (>= 2.0.9)
    net-ssh (2.1.3)
    net-ssh-gateway (1.0.1)
      net-ssh (>= 1.99.1)
    nokogiri (1.4.4)
    open_gem (1.4.2)
      launchy (~> 0.3.5)
    passenger (3.0.4)
      daemon_controller (>= 0.2.5)
      fastthread (>= 1.0.1)
      file-tail
      rack
      rake (>= 0.8.1)
    polyglot (0.3.1)
    rack (1.2.1)
    rack-google-analytics (0.9.2)
    rack-mount (0.6.13)
      rack (>= 1.0.0)
    rack-ssl-enforcer (0.2.1)
    rack-test (0.5.7)
      rack (>= 1.0)
    rails (3.0.5)
      actionmailer (= 3.0.5)
      actionpack (= 3.0.5)
      activerecord (= 3.0.5)
      activeresource (= 3.0.5)
      activesupport (= 3.0.5)
      bundler (~> 1.0)
      railties (= 3.0.5)
    railties (3.0.5)
      actionpack (= 3.0.5)
      activesupport (= 3.0.5)
      rake (>= 0.8.7)
      thor (~> 0.14.4)
    rake (0.8.7)
    rb-fsevent (0.3.10)
    rspec (2.5.0)
      rspec-core (~> 2.5.0)
      rspec-expectations (~> 2.5.0)
      rspec-mocks (~> 2.5.0)
    rspec-core (2.5.1)
    rspec-expectations (2.5.0)
      diff-lcs (~> 1.1.2)
    rspec-mocks (2.5.0)
    rspec-rails (2.5.0)
      actionpack (~> 3.0)
      activesupport (~> 3.0)
      railties (~> 3.0)
      rspec (~> 2.5.0)
    ruby-json (1.1.2)
    rubyzip (0.9.4)
    selenium-webdriver (0.1.3)
      childprocess (~> 0.1.5)
      ffi (~> 0.6.3)
      json_pure
      rubyzip
    settingslogic (2.0.6)
    shoulda (2.11.3)
    spork (0.9.0.rc4)
    spruz (0.2.5)
    state_machine (0.9.4)
    thor (0.14.6)
    treetop (1.4.9)
      polyglot (>= 0.3.1)
    tzinfo (0.3.24)
    warden (1.0.3)
      rack (>= 1.0.0)
    will_paginate (3.0.pre2)
    xpath (0.1.3)
      nokogiri (~> 1.3)

PLATFORMS
  ruby

DEPENDENCIES
  bson_ext (= 1.2.4)
  capistrano
  capybara!
  database_cleaner
  devise (= 1.1.7)
  devise_invitable!
  factory_girl_rails
  fastercsv
  ffaker
  formtastic (= 1.2.3)
  growl
  guard
  guard-bundler
  guard-livereload
  guard-passenger
  guard-rspec
  guard-spork
  haml (= 3.0.24)
  launchy
  liquid
  livereload
  mongo (= 1.2.4)
  mongoid (~> 2.0.0.rc.7)
  passenger
  rack-google-analytics (= 0.9.2)
  rack-ssl-enforcer (= 0.2.1)
  rails (= 3.0.5)
  rb-fsevent
  rspec-rails
  settingslogic (= 2.0.6)
  shoulda
  spork (~> 0.9.0.rc4)
  state_machine (= 0.9.4)
  will_paginate (= 3.0.pre2)
