GIT
  remote: git://github.com/justinfrench/formtastic.git
  revision: d4e5326
  branch: rails3
  specs:
    formtastic (1.0.1)
      actionpack (>= 2.3.0)
      activesupport (>= 2.3.0)
      i18n (>= 0.4.0)

GIT
  remote: git://github.com/mongoid/mongoid.git
  revision: f38e3ef
  specs:
    mongoid (2.0.0.beta.16)
      activemodel (~> 3.0.0)
      bson (= 1.0.4)
      mongo (= 1.0.7)
      tzinfo (~> 0.3.22)
      will_paginate (~> 3.0.pre)

GIT
  remote: git://github.com/rymai/devise_invitable.git
  revision: 962ac3c
  specs:
    devise_invitable (0.6.5)
      devise (~> 1.1.1)
      rails (~> 3.0.0.rc2)

GIT
  remote: git://github.com/thibaudgg/rack-ssl-enforcer.git
  revision: 5df6c71
  specs:
    rack-ssl-enforcer (0.1.3)

GIT
  remote: git://github.com/thibaudgg/state_machine-mongoid.git
  revision: 171b9e0
  specs:
    state_machine-mongoid (0.1.1)
      mongoid (>= 2.0.0.beta.16)
      state_machine (>= 0.9.4)

GEM
  remote: http://rubygems.org/
  specs:
    abstract (1.0.0)
    actionmailer (3.0.0.rc2)
      actionpack (= 3.0.0.rc2)
      mail (~> 2.2.5)
    actionpack (3.0.0.rc2)
      activemodel (= 3.0.0.rc2)
      activesupport (= 3.0.0.rc2)
      builder (~> 2.1.2)
      erubis (~> 2.6.6)
      i18n (~> 0.4.1)
      rack (~> 1.2.1)
      rack-mount (~> 0.6.12)
      rack-test (~> 0.5.4)
      tzinfo (~> 0.3.23)
    activemodel (3.0.0.rc2)
      activesupport (= 3.0.0.rc2)
      builder (~> 2.1.2)
      i18n (~> 0.4.1)
    activerecord (3.0.0.rc2)
      activemodel (= 3.0.0.rc2)
      activesupport (= 3.0.0.rc2)
      arel (~> 1.0.0.rc1)
      tzinfo (~> 0.3.23)
    activeresource (3.0.0.rc2)
      activemodel (= 3.0.0.rc2)
      activesupport (= 3.0.0.rc2)
    activesupport (3.0.0.rc2)
    arel (1.0.0.rc1)
      activesupport (>= 3.0.0.beta)
    bcrypt-ruby (2.1.2)
    bson (1.0.4)
    bson_ext (1.0.4)
    builder (2.1.2)
    capistrano (2.5.19)
      highline
      net-scp (>= 1.0.0)
      net-sftp (>= 2.0.0)
      net-ssh (>= 2.0.14)
      net-ssh-gateway (>= 1.0.0)
    capybara (0.3.9)
      culerity (>= 0.2.4)
      mime-types (>= 1.16)
      nokogiri (>= 1.3.3)
      rack (>= 1.0.0)
      rack-test (>= 0.5.4)
      selenium-webdriver (>= 0.0.3)
    comma (0.3.2)
      activesupport (>= 2.2.2)
    configuration (1.1.0)
    culerity (0.2.12)
    devise (1.1.1)
      bcrypt-ruby (~> 2.1.2)
      warden (~> 0.10.7)
    diff-lcs (1.1.2)
    erubis (2.6.6)
      abstract (>= 1.0.0)
    factory_girl (1.3.2)
    factory_girl_rails (1.0)
      factory_girl (~> 1.3)
      rails (>= 3.0.0.beta4)
    fastercsv (1.5.3)
    ffaker (0.4.0)
    ffi (0.6.3)
      rake (>= 0.8.7)
    growl (1.0.3)
    haml (3.0.17)
    highline (1.6.1)
    i18n (0.4.1)
    json_pure (1.4.6)
    launchy (0.3.7)
      configuration (>= 0.0.5)
      rake (>= 0.8.1)
    libnotify (0.2.0)
      ffi (>= 0.6.2)
    liquid (2.2.2)
    mail (2.2.5)
      activesupport (>= 2.3.6)
      mime-types
      treetop (>= 1.4.5)
    mime-types (1.16)
    mongo (1.0.7)
      bson (>= 1.0.4)
    net-scp (1.0.3)
      net-ssh (>= 1.99.1)
    net-sftp (2.0.5)
      net-ssh (>= 2.0.9)
    net-ssh (2.0.23)
    net-ssh-gateway (1.0.1)
      net-ssh (>= 1.99.1)
    nokogiri (1.4.3.1)
    polyglot (0.3.1)
    rack (1.2.1)
    rack-mount (0.6.12)
      rack (>= 1.0.0)
    rack-test (0.5.4)
      rack (>= 1.0)
    rails (3.0.0.rc2)
      actionmailer (= 3.0.0.rc2)
      actionpack (= 3.0.0.rc2)
      activerecord (= 3.0.0.rc2)
      activeresource (= 3.0.0.rc2)
      activesupport (= 3.0.0.rc2)
      bundler (>= 1.0.0.rc.6)
      railties (= 3.0.0.rc2)
    railties (3.0.0.rc2)
      actionpack (= 3.0.0.rc2)
      activesupport (= 3.0.0.rc2)
      rake (>= 0.8.3)
      thor (~> 0.14.0)
    rake (0.8.7)
    rb-inotify (0.8.1)
      ffi (>= 0.5.0)
    rspactor (0.7.0.beta.6)
      bundler (>= 1.0.0.rc.5)
      growl (>= 1.0.3)
      libnotify (>= 0.1.3)
      rb-inotify
      sys-uname (>= 0.8.4)
      trollop (>= 1.16.2)
    rspec (2.0.0.beta.20)
      rspec-core (= 2.0.0.beta.20)
      rspec-expectations (= 2.0.0.beta.20)
      rspec-mocks (= 2.0.0.beta.20)
    rspec-core (2.0.0.beta.20)
    rspec-expectations (2.0.0.beta.20)
      diff-lcs (>= 1.1.2)
    rspec-mocks (2.0.0.beta.20)
    rspec-rails (2.0.0.beta.20)
      rspec (= 2.0.0.beta.20)
    rubyzip (0.9.4)
    selenium-webdriver (0.0.28)
      ffi (>= 0.6.1)
      json_pure
      rubyzip
    shoulda (2.11.3)
    spork (0.8.4)
    ssl_requirement (0.1.0)
    state_machine (0.9.4)
    steak (0.4.0.beta.1)
      rspec (>= 2.0.0.beta.9)
    sys-uname (0.8.4)
    thor (0.14.0)
    treetop (1.4.8)
      polyglot (>= 0.3.1)
    trollop (1.16.2)
    tzinfo (0.3.23)
    warden (0.10.7)
      rack (>= 1.0.0)
    will_paginate (3.0.pre2)

PLATFORMS
  ruby

DEPENDENCIES
  bson_ext (~> 1.0.4)
  capistrano
  capybara
  comma
  devise (~> 1.1.1)
  devise_invitable!
  factory_girl_rails
  fastercsv
  ffaker
  formtastic!
  haml (~> 3.0.16)
  launchy
  liquid
  mongoid!
  rack-ssl-enforcer!
  rails (= 3.0.0.rc2)
  rspactor (~> 0.7.beta.6)
  rspec-rails (~> 2.0.0.beta.19)
  shoulda
  spork
  ssl_requirement
  state_machine (~> 0.9.4)
  state_machine-mongoid!
  steak (~> 0.4.0.beta.1)
  will_paginate (~> 3.0.pre2)
