GEM
  remote: http://rubygems.org/
  specs:
    SystemTimer (1.2.3)
    abstract (1.0.0)
    actionmailer (3.0.7)
      actionpack (= 3.0.7)
      mail (~> 2.2.15)
    actionpack (3.0.7)
      activemodel (= 3.0.7)
      activesupport (= 3.0.7)
      builder (~> 2.1.2)
      erubis (~> 2.6.6)
      i18n (~> 0.5.0)
      rack (~> 1.2.1)
      rack-mount (~> 0.6.14)
      rack-test (~> 0.5.7)
      tzinfo (~> 0.3.23)
    activemodel (3.0.7)
      activesupport (= 3.0.7)
      builder (~> 2.1.2)
      i18n (~> 0.5.0)
    activerecord (3.0.7)
      activemodel (= 3.0.7)
      activesupport (= 3.0.7)
      arel (~> 2.0.2)
      tzinfo (~> 0.3.23)
    activeresource (3.0.7)
      activemodel (= 3.0.7)
      activesupport (= 3.0.7)
    activesupport (3.0.7)
    addressable (2.2.5)
    arel (2.0.9)
    bcrypt-ruby (2.1.4)
    bson (1.3.1)
    bson_ext (1.3.1)
    builder (2.1.2)
    capistrano (2.6.0)
      highline
      net-scp (>= 1.0.0)
      net-sftp (>= 2.0.0)
      net-ssh (>= 2.0.14)
      net-ssh-gateway (>= 1.1.0)
    capybara (1.0.0.beta1)
      mime-types (>= 1.16)
      nokogiri (>= 1.3.3)
      rack (>= 1.0.0)
      rack-test (>= 0.5.4)
      selenium-webdriver (>= 0.0.27)
      xpath (~> 0.1.4)
    childprocess (0.1.8)
      ffi (~> 1.0.6)
    database_cleaner (0.6.7)
    devise (1.3.4)
      bcrypt-ruby (~> 2.1.2)
      orm_adapter (~> 0.0.3)
      warden (~> 1.0.3)
    devise_invitable (0.5.0)
      devise (~> 1.3.1)
      rails (>= 3.0.0, <= 3.2)
    diff-lcs (1.1.2)
    em-websocket (0.2.1)
      addressable (>= 2.1.1)
      eventmachine (>= 0.12.9)
    erubis (2.6.6)
      abstract (>= 1.0.0)
    eventmachine (0.12.10)
    factory_girl (1.3.3)
    factory_girl_rails (1.0.1)
      factory_girl (~> 1.3)
      railties (>= 3.0.0)
    fastercsv (1.5.4)
    ffaker (1.5.0)
    ffi (1.0.7)
      rake (>= 0.8.7)
    formtastic (1.2.4)
      actionpack (>= 2.3.7)
      activesupport (>= 2.3.7)
      i18n (~> 0.4)
    growl (1.0.3)
    guard (0.3.4)
      thor (~> 0.14.6)
    guard-bundler (0.1.2)
      guard (>= 0.2.2)
    guard-livereload (0.1.11)
      em-websocket (~> 0.2.0)
      guard (>= 0.2.2)
      json (~> 1.5.1)
    guard-pow (0.1.0)
      guard (>= 0.3.0)
    guard-rspec (0.3.1)
      guard (>= 0.2.2)
    guard-spork (0.1.10)
      guard (>= 0.2.2)
      spork (>= 0.8.4)
    haml (3.1.1)
    highline (1.6.1)
    i18n (0.5.0)
    json (1.5.1)
    json_pure (1.5.1)
    liquid (2.2.2)
    mail (2.2.19)
      activesupport (>= 2.3.6)
      i18n (>= 0.4.0)
      mime-types (~> 1.16)
      treetop (~> 1.4.8)
    mime-types (1.16)
    mongo (1.3.1)
      bson (>= 1.3.1)
    mongoid (2.0.2)
      activemodel (~> 3.0)
      mongo (~> 1.3)
      tzinfo (~> 0.3.22)
    net-scp (1.0.4)
      net-ssh (>= 1.99.1)
    net-sftp (2.0.5)
      net-ssh (>= 2.0.9)
    net-ssh (2.1.4)
    net-ssh-gateway (1.1.0)
      net-ssh (>= 1.99.1)
    nokogiri (1.4.4)
    orm_adapter (0.0.5)
    polyglot (0.3.1)
    rack (1.2.2)
    rack-google-analytics (0.9.2)
    rack-mount (0.6.14)
      rack (>= 1.0.0)
    rack-ssl-enforcer (0.2.2)
    rack-test (0.5.7)
      rack (>= 1.0)
    rails (3.0.7)
      actionmailer (= 3.0.7)
      actionpack (= 3.0.7)
      activerecord (= 3.0.7)
      activeresource (= 3.0.7)
      activesupport (= 3.0.7)
      bundler (~> 1.0)
      railties (= 3.0.7)
    railties (3.0.7)
      actionpack (= 3.0.7)
      activesupport (= 3.0.7)
      rake (>= 0.8.7)
      thor (~> 0.14.4)
    rake (0.8.7)
    rb-fsevent (0.4.0)
    rspec (2.6.0)
      rspec-core (~> 2.6.0)
      rspec-expectations (~> 2.6.0)
      rspec-mocks (~> 2.6.0)
    rspec-core (2.6.4)
    rspec-expectations (2.6.0)
      diff-lcs (~> 1.1.2)
    rspec-mocks (2.6.0)
    rspec-rails (2.6.1)
      actionpack (~> 3.0)
      activesupport (~> 3.0)
      railties (~> 3.0)
      rspec (~> 2.6.0)
    rubyzip (0.9.4)
    selenium-webdriver (0.2.0)
      childprocess (>= 0.1.7)
      ffi (>= 1.0.7)
      json_pure
      rubyzip
    settingslogic (2.0.6)
    shoulda (2.11.3)
    spork (0.9.0.rc8)
    state_machine (1.0.1)
    thor (0.14.6)
    treetop (1.4.9)
      polyglot (>= 0.3.1)
    tzinfo (0.3.27)
    warden (1.0.4)
      rack (>= 1.0)
    will_paginate (3.0.pre2)
    xpath (0.1.4)
      nokogiri (~> 1.3)

PLATFORMS
  ruby

DEPENDENCIES
  SystemTimer (= 1.2.3)
  bson_ext (= 1.3.1)
  bundler (= 1.0.14)
  capistrano
  capybara (= 1.0.0.beta1)
  database_cleaner
  devise (= 1.3.4)
  devise_invitable (= 0.5.0)
  factory_girl_rails
  fastercsv (= 1.5.4)
  ffaker
  formtastic (= 1.2.4)
  growl
  guard-bundler
  guard-livereload
  guard-pow
  guard-rspec
  guard-spork
  haml (= 3.1.1)
  liquid
  mime-types (= 1.16)
  mongoid (= 2.0.2)
  rack-google-analytics (= 0.9.2)
  rack-ssl-enforcer (= 0.2.2)
  rails (= 3.0.7)
  rb-fsevent
  rspec-rails (~> 2.6)
  settingslogic (= 2.0.6)
  shoulda
  spork (= 0.9.0.rc8)
  state_machine (= 1.0.1)
  will_paginate (= 3.0.pre2)
